GEM
  remote: https://rubygems.org/
  specs:
    cinch (2.2.5)
    geoip (1.5.0)

PLATFORMS
  ruby

DEPENDENCIES
  cinch
  geoip
