GEM
  remote: https://rubygems.org/
  specs:
    geoip (1.5.0)

PLATFORMS
  ruby

DEPENDENCIES
  geoip
